GIT
  remote: https://gitlab.com/gitlab-org/gitlab-qa.git
  revision: c13294d5664fe70567eb6d83003b76faaaa37fd1
  branch: 17-0-stable
  specs:
    gitlab-qa (14.10.0)
      activesupport (>= 6.1, < 7.2)
      gitlab (~> 4.19)
      http (~> 5.0)
      nokogiri (~> 1.10)
      parallel (>= 1, < 2)
      rainbow (>= 3, < 4)
      table_print (= 1.5.7)
      zeitwerk (>= 2, < 3)

PATH
  remote: ../gems/gitlab-cng
  specs:
    gitlab-cng (0.0.1)
      rainbow (~> 3.1)
      require_all (~> 3.0)
      thor (~> 1.3)
      tty-spinner (~> 0.9.3)
      tty-which (~> 0.5.0)

PATH
  remote: ../gems/gitlab-utils
  specs:
    gitlab-utils (0.1.0)
      actionview (>= 6.1.7.2)
      activesupport (>= 6.1.7.2)
      addressable (~> 2.8)
      rake (~> 13.0)

GEM
  remote: https://rubygems.org/
  specs:
    actionview (7.0.8.1)
      activesupport (= 7.0.8.1)
      builder (~> 3.1)
      erubi (~> 1.4)
      rails-dom-testing (~> 2.0)
      rails-html-sanitizer (~> 1.1, >= 1.2.0)
    activesupport (7.0.8.1)
      concurrent-ruby (~> 1.0, >= 1.0.2)
      i18n (>= 1.6, < 2)
      minitest (>= 5.1)
      tzinfo (~> 2.0)
    addressable (2.8.6)
      public_suffix (>= 2.0.2, < 6.0)
    airborne (0.3.7)
      activesupport
      rack
      rack-test (>= 1.1.0, < 2.0)
      rest-client (>= 2.0.2, < 3.0)
      rspec (~> 3.8)
    allure-rspec (2.24.5)
      allure-ruby-commons (= 2.24.5)
      rspec-core (>= 3.8, < 4)
    allure-ruby-commons (2.24.5)
      mime-types (>= 3.3, < 4)
      require_all (>= 2, < 4)
      rspec-expectations (~> 3.12)
      uuid (>= 2.3, < 3)
    amatch (0.4.1)
      mize
      tins (~> 1.0)
    ast (2.4.2)
    base64 (0.2.0)
    binding_of_caller (1.0.0)
      debug_inspector (>= 0.0.1)
    builder (3.2.4)
    byebug (11.1.3)
    capybara (3.40.0)
      addressable
      matrix
      mini_mime (>= 0.1.3)
      nokogiri (~> 1.11)
      rack (>= 1.6.0)
      rack-test (>= 0.6.3)
      regexp_parser (>= 1.5, < 3.0)
      xpath (~> 3.2)
    capybara-screenshot (1.0.26)
      capybara (>= 1.0, < 4)
      launchy
    chemlab (0.11.1)
      colorize (~> 0.8)
      i18n (~> 1.8)
      rake (>= 12, < 14)
      selenium-webdriver (>= 3, < 5)
      watir (>= 6, < 8)
    chemlab-library-www-gitlab-com (0.1.1)
      chemlab (~> 0.4)
    coderay (1.1.2)
    colorize (0.8.1)
    concurrent-ruby (1.2.3)
    crass (1.0.6)
    debug_inspector (1.1.0)
    declarative (0.0.20)
    deprecation_toolkit (2.2.0)
      activesupport (>= 6.1)
    diff-lcs (1.3)
    domain_name (0.6.20240107)
    erubi (1.12.0)
    excon (0.92.4)
    factory_bot (6.3.0)
      activesupport (>= 5.0.0)
    faker (3.3.1)
      i18n (>= 1.8.11, < 2)
    faraday (2.5.2)
      faraday-net_http (>= 2.0, < 3.1)
      ruby2_keywords (>= 0.0.4)
    faraday-net_http (3.0.0)
    faraday-retry (2.2.1)
      faraday (~> 2.0)
    ffi (1.16.3)
    ffi-compiler (1.0.1)
      ffi (>= 1.0.0)
      rake
    fog-core (2.1.0)
      builder
      excon (~> 0.58)
      formatador (~> 0.2)
      mime-types
    fog-google (1.19.0)
      fog-core (< 2.3)
      fog-json (~> 1.2)
      fog-xml (~> 0.1.0)
      google-apis-compute_v1 (~> 0.14)
      google-apis-dns_v1 (~> 0.12)
      google-apis-iamcredentials_v1 (~> 0.6)
      google-apis-monitoring_v3 (~> 0.12)
      google-apis-pubsub_v1 (~> 0.7)
      google-apis-sqladmin_v1beta4 (~> 0.13)
      google-apis-storage_v1 (~> 0.6)
      google-cloud-env (~> 1.2)
    fog-json (1.2.0)
      fog-core
      multi_json (~> 1.10)
    fog-xml (0.1.4)
      fog-core
      nokogiri (>= 1.5.11, < 2.0.0)
    formatador (0.3.0)
    gitlab (4.19.0)
      httparty (~> 0.20)
      terminal-table (>= 1.5.1)
    gitlab_quality-test_tooling (1.24.0)
      activesupport (>= 6.1, < 7.2)
      amatch (~> 0.4.1)
      gitlab (~> 4.19)
      http (~> 5.0)
      nokogiri (~> 1.10)
      parallel (>= 1, < 2)
      rainbow (>= 3, < 4)
      rspec-parameterized (~> 1.0.0)
      table_print (= 1.5.7)
      zeitwerk (>= 2, < 3)
    google-apis-compute_v1 (0.51.0)
      google-apis-core (>= 0.7.2, < 2.a)
    google-apis-core (0.9.0)
      addressable (~> 2.5, >= 2.5.1)
      googleauth (>= 0.16.2, < 2.a)
      httpclient (>= 2.8.1, < 3.a)
      mini_mime (~> 1.0)
      representable (~> 3.0)
      retriable (>= 2.0, < 4.a)
      rexml
      webrick
    google-apis-dns_v1 (0.27.0)
      google-apis-core (>= 0.7.2, < 2.a)
    google-apis-iamcredentials_v1 (0.14.0)
      google-apis-core (>= 0.7.2, < 2.a)
    google-apis-monitoring_v3 (0.33.0)
      google-apis-core (>= 0.7, < 2.a)
    google-apis-pubsub_v1 (0.28.0)
      google-apis-core (>= 0.7.2, < 2.a)
    google-apis-sqladmin_v1beta4 (0.36.0)
      google-apis-core (>= 0.7.2, < 2.a)
    google-apis-storage_v1 (0.19.0)
      google-apis-core (>= 0.9.0, < 2.a)
    google-cloud-env (1.6.0)
      faraday (>= 0.17.3, < 3.0)
    googleauth (1.2.0)
      faraday (>= 0.17.3, < 3.a)
      jwt (>= 1.4, < 3.0)
      memoist (~> 0.16)
      multi_json (~> 1.11)
      os (>= 0.9, < 2.0)
      signet (>= 0.16, < 2.a)
    http (5.1.1)
      addressable (~> 2.8)
      http-cookie (~> 1.0)
      http-form_data (~> 2.2)
      llhttp-ffi (~> 0.4.0)
    http-accept (1.7.0)
    http-cookie (1.0.5)
      domain_name (~> 0.5)
    http-form_data (2.3.0)
    httparty (0.21.0)
      mini_mime (>= 1.0.0)
      multi_xml (>= 0.5.2)
    httpclient (2.8.3)
    i18n (1.14.1)
      concurrent-ruby (~> 1.0)
    influxdb-client (3.1.0)
    junit_merge (0.1.2)
      nokogiri (>= 1.5, < 2.0)
    jwt (2.5.0)
    knapsack (4.0.0)
      rake
    launchy (2.5.0)
      addressable (~> 2.7)
    llhttp-ffi (0.4.0)
      ffi-compiler (~> 1.0)
      rake (~> 13.0)
    loofah (2.21.3)
      crass (~> 1.0.2)
      nokogiri (>= 1.12.0)
    macaddr (1.7.2)
      systemu (~> 2.6.5)
    matrix (0.4.2)
    memoist (0.16.2)
    method_source (1.0.0)
    mime-types (3.4.1)
      mime-types-data (~> 3.2015)
    mime-types-data (3.2023.0218.1)
    mini_mime (1.1.5)
    mini_portile2 (2.8.5)
    minitest (5.22.2)
    mize (0.4.1)
      protocol (~> 2.0)
    multi_json (1.15.0)
    multi_xml (0.6.0)
    netrc (0.11.0)
    nokogiri (1.16.4)
      mini_portile2 (~> 2.8.2)
      racc (~> 1.4)
    octokit (8.1.0)
      base64
      faraday (>= 1, < 3)
      sawyer (~> 0.9)
    os (1.1.4)
    parallel (1.24.0)
    parallel_tests (4.4.0)
      parallel
    parser (3.3.0.5)
      ast (~> 2.4.1)
      racc
    proc_to_ast (0.1.0)
      coderay
      parser
      unparser
    protocol (2.0.0)
      ruby_parser (~> 3.0)
    pry (0.14.1)
      coderay (~> 1.1)
      method_source (~> 1.0)
    pry-byebug (3.10.1)
      byebug (~> 11.0)
      pry (>= 0.13, < 0.15)
    public_suffix (5.0.4)
    racc (1.7.3)
    rack (2.2.3.1)
    rack-test (1.1.0)
      rack (>= 1.0, < 3)
    rails-dom-testing (2.0.3)
      activesupport (>= 4.2.0)
      nokogiri (>= 1.6)
    rails-html-sanitizer (1.5.0)
      loofah (~> 2.19, >= 2.19.1)
    rainbow (3.1.1)
    rake (13.2.1)
    regexp_parser (2.1.1)
    representable (3.2.0)
      declarative (< 0.1.0)
      trailblazer-option (>= 0.1.1, < 0.2.0)
      uber (< 0.2.0)
    require_all (3.0.0)
    rest-client (2.1.0)
      http-accept (>= 1.7.0, < 2.0)
      http-cookie (>= 1.0.2, < 2.0)
      mime-types (>= 1.16, < 4.0)
      netrc (~> 0.8)
    retriable (3.1.2)
    rexml (3.2.5)
    rotp (6.3.0)
    rspec (3.13.0)
      rspec-core (~> 3.13.0)
      rspec-expectations (~> 3.13.0)
      rspec-mocks (~> 3.13.0)
    rspec-core (3.13.0)
      rspec-support (~> 3.13.0)
    rspec-expectations (3.13.0)
      diff-lcs (>= 1.2.0, < 2.0)
      rspec-support (~> 3.13.0)
    rspec-mocks (3.13.0)
      diff-lcs (>= 1.2.0, < 2.0)
      rspec-support (~> 3.13.0)
    rspec-parameterized (1.0.0)
      rspec-parameterized-core (< 2)
      rspec-parameterized-table_syntax (< 2)
    rspec-parameterized-core (1.0.0)
      parser
      proc_to_ast
      rspec (>= 2.13, < 4)
      unparser
    rspec-parameterized-table_syntax (1.0.0)
      binding_of_caller
      rspec-parameterized-core (< 2)
    rspec-support (3.13.0)
    rspec_junit_formatter (0.6.0)
      rspec-core (>= 2, < 4, != 2.12.0)
    ruby-debug-ide (0.7.3)
      rake (>= 0.8.1)
    ruby2_keywords (0.0.5)
    ruby_parser (3.21.0)
      racc (~> 1.5)
      sexp_processor (~> 4.16)
    rubyzip (2.3.2)
    sawyer (0.9.2)
      addressable (>= 2.3.5)
      faraday (>= 0.17.3, < 3)
    selenium-webdriver (4.20.1)
      base64 (~> 0.2)
      rexml (~> 3.2, >= 3.2.5)
      rubyzip (>= 1.2.2, < 3.0)
      websocket (~> 1.0)
    sexp_processor (4.17.1)
    signet (0.17.0)
      addressable (~> 2.8)
      faraday (>= 0.17.5, < 3.a)
      jwt (>= 1.5, < 3.0)
      multi_json (~> 1.10)
    slack-notifier (2.4.0)
    sync (0.5.0)
    systemu (2.6.5)
    table_print (1.5.7)
    terminal-table (3.0.2)
      unicode-display_width (>= 1.1.1, < 3)
    thor (1.3.1)
    tins (1.32.1)
      sync
    trailblazer-option (0.1.2)
    tty-cursor (0.7.1)
    tty-spinner (0.9.3)
      tty-cursor (~> 0.7)
    tty-which (0.5.0)
    tzinfo (2.0.6)
      concurrent-ruby (~> 1.0)
    uber (0.1.0)
    unicode-display_width (2.5.0)
    unparser (0.6.5)
      diff-lcs (~> 1.3)
      parser (>= 3.1.0)
    uuid (2.3.9)
      macaddr (~> 1.0)
    warning (1.3.0)
    watir (7.1.0)
      regexp_parser (>= 1.2, < 3)
      selenium-webdriver (~> 4.0)
    webrick (1.7.0)
    websocket (1.2.10)
    xpath (3.2.0)
      nokogiri (~> 1.8)
    zeitwerk (2.6.13)

PLATFORMS
  ruby

DEPENDENCIES
  activesupport (~> 7.0.8.1)
  airborne (~> 0.3.7)
  allure-rspec (~> 2.24.5)
  capybara (~> 3.40.0)
  capybara-screenshot (~> 1.0.26)
  chemlab (~> 0.11, >= 0.11.1)
  chemlab-library-www-gitlab-com (~> 0.1, >= 0.1.1)
  deprecation_toolkit (~> 2.2.0)
  factory_bot (~> 6.3.0)
  faker (~> 3.3, >= 3.3.1)
  faraday-retry (~> 2.2, >= 2.2.1)
  fog-core (= 2.1.0)
  fog-google (~> 1.19)
  gitlab-cng!
  gitlab-qa (~> 14, >= 14.10.0)!
  gitlab-utils!
  gitlab_quality-test_tooling (~> 1.24.0)
  influxdb-client (~> 3.1)
  junit_merge (~> 0.1.2)
  knapsack (~> 4.0)
  nokogiri (~> 1.16, >= 1.16.4)
  octokit (~> 8.1.0)
  parallel (~> 1.24)
  parallel_tests (~> 4.4)
  pry-byebug (~> 3.10.1)
  rainbow (~> 3.1.1)
  rake (~> 13, >= 13.2.1)
  rest-client (~> 2.1.0)
  rotp (~> 6.3.0)
  rspec (~> 3.13)
  rspec-parameterized (~> 1.0.0)
  rspec_junit_formatter (~> 0.6.0)
  ruby-debug-ide (~> 0.7.3)
  selenium-webdriver (= 4.20.1)
  slack-notifier (~> 2.4)
  terminal-table (~> 3.0.2)
  warning (~> 1.3)
  zeitwerk (~> 2.6, >= 2.6.13)

BUNDLED WITH
   2.5.9
